GIT
  remote: git://github.com/dwilkie/action_sms.git
  revision: 58700d73af731f4ebb31eea2071c70cc215f256c
  specs:
    action_sms (0.0.3)

GIT
  remote: git://github.com/dwilkie/action_sms_gateways.git
  revision: 58109ca3b343acb1f66dc58f24fae842c087db82
  specs:
    action_sms_gateways (0.0.7)
      tropo_message

GIT
  remote: git://github.com/dwilkie/paypal.git
  revision: 050981a8618d090d4bcb0dfe9210da00e87e7331
  specs:
    paypal-ipn (0.0.1)
      httparty (>= 0.6.1)

GIT
  remote: git://github.com/plataformatec/devise.git
  revision: 69ecbd1fa30e390ea18e76f16cc33e86b643bd7e
  specs:
    devise (1.2.rc)
      bcrypt-ruby (~> 2.1.2)
      warden (~> 1.0.0)

GEM
  remote: http://rubygems.org/
  specs:
    abstract (1.0.0)
    actionmailer (3.0.0)
      actionpack (= 3.0.0)
      mail (~> 2.2.5)
    actionpack (3.0.0)
      activemodel (= 3.0.0)
      activesupport (= 3.0.0)
      builder (~> 2.1.2)
      erubis (~> 2.6.6)
      i18n (~> 0.4.1)
      rack (~> 1.2.1)
      rack-mount (~> 0.6.12)
      rack-test (~> 0.5.4)
      tzinfo (~> 0.3.23)
    activemodel (3.0.0)
      activesupport (= 3.0.0)
      builder (~> 2.1.2)
      i18n (~> 0.4.1)
    activerecord (3.0.0)
      activemodel (= 3.0.0)
      activesupport (= 3.0.0)
      arel (~> 1.0.0)
      tzinfo (~> 0.3.23)
    activeresource (3.0.0)
      activemodel (= 3.0.0)
      activesupport (= 3.0.0)
    activesupport (3.0.0)
    arel (1.0.1)
      activesupport (~> 3.0.0)
    bcrypt-ruby (2.1.2)
    builder (2.1.2)
    conversational (0.3.2)
    crack (0.1.8)
    daemons (1.1.0)
    delayed_job (2.1.0.pre2)
      activesupport (~> 3.0)
      daemons
    erubis (2.6.6)
      abstract (>= 1.0.0)
    haml (3.0.21)
    haml-rails (0.3.1)
      actionpack (~> 3.0.0)
      activesupport (~> 3.0.0)
      haml (~> 3.0.18)
      railties (~> 3.0.0)
    httparty (0.6.1)
      crack (= 0.1.8)
    i18n (0.4.1)
    mail (2.2.6.1)
      activesupport (>= 2.3.6)
      mime-types
      treetop (>= 1.4.5)
    mime-types (1.16)
    money (3.1.0)
    polyglot (0.3.1)
    rack (1.2.1)
    rack-mount (0.6.13)
      rack (>= 1.0.0)
    rack-test (0.5.4)
      rack (>= 1.0)
    rails (3.0.0)
      actionmailer (= 3.0.0)
      actionpack (= 3.0.0)
      activerecord (= 3.0.0)
      activeresource (= 3.0.0)
      activesupport (= 3.0.0)
      bundler (~> 1.0.0)
      railties (= 3.0.0)
    railties (3.0.0)
      actionpack (= 3.0.0)
      activesupport (= 3.0.0)
      rake (>= 0.8.4)
      thor (~> 0.14.0)
    rake (0.8.7)
    thor (0.14.0)
    treetop (1.4.8)
      polyglot (>= 0.3.1)
    tropo_message (0.0.5)
    tzinfo (0.3.23)
    warden (1.0.0)
      rack (>= 1.0.0)

PLATFORMS
  ruby

DEPENDENCIES
  action_sms!
  action_sms_gateways!
  conversational
  delayed_job (>= 2.1.0.pre2)
  devise!
  haml-rails
  httparty
  money
  paypal-ipn!
  rails (= 3.0.0)
